GEM
  remote: https://rubygems.org/
  specs:
    arr-pm (0.0.10)
      cabin (> 0)
    backports (3.6.6)
    cabin (0.7.1)
    childprocess (0.5.6)
      ffi (~> 1.0, >= 1.0.11)
    clamp (0.6.5)
    colored (1.2)
    cri (2.6.1)
      colored (~> 1.2)
    diff-lcs (1.2.5)
    faraday (0.9.1)
      multipart-post (>= 1.2, < 3)
    faraday_middleware (0.9.2)
      faraday (>= 0.7.4, < 0.10)
    faraday_middleware-multi_json (0.0.6)
      faraday_middleware
      multi_json
    ffi (1.9.10)
    fpm (1.4.0)
      arr-pm (~> 0.0.10)
      backports (>= 2.6.2)
      cabin (>= 0.6.0)
      childprocess
      clamp (~> 0.6)
      ffi
      json (>= 1.7.7)
    iniparse (1.4.1)
    jgrep (1.3.3)
      json
    json (1.7.7)
    log4r (1.1.10)
    minitar (0.5.4)
    multi_json (1.11.2)
    multipart-post (2.0.0)
    net-scp (1.2.1)
      net-ssh (>= 2.6.5)
    net-ssh (2.9.2)
    net-telnet (0.1.1)
    overcommit (0.28.0)
      childprocess (~> 0.5.6)
      iniparse (~> 1.4)
    puppet-lint (1.1.0)
    r10k (2.0.3)
      colored (= 1.2)
      cri (~> 2.6.1)
      faraday (~> 0.9.0)
      faraday_middleware (~> 0.9.0)
      faraday_middleware-multi_json (~> 0.0.6)
      log4r (= 1.1.10)
      minitar
      multi_json (~> 1.10)
      semantic_puppet (~> 0.1.0)
    rspec (3.3.0)
      rspec-core (~> 3.3.0)
      rspec-expectations (~> 3.3.0)
      rspec-mocks (~> 3.3.0)
    rspec-core (3.3.2)
      rspec-support (~> 3.3.0)
    rspec-expectations (3.3.1)
      diff-lcs (>= 1.2.0, < 2.0)
      rspec-support (~> 3.3.0)
    rspec-its (1.2.0)
      rspec-core (>= 3.0.0)
      rspec-expectations (>= 3.0.0)
    rspec-mocks (3.3.2)
      diff-lcs (>= 1.2.0, < 2.0)
      rspec-support (~> 3.3.0)
    rspec-support (3.3.0)
    semantic_puppet (0.1.1)
    serverspec (2.23.0)
      multi_json
      rspec (~> 3.0)
      rspec-its
      specinfra (~> 2.43)
    sfl (2.2)
    specinfra (2.43.0)
      net-scp
      net-ssh (~> 2.7)
      net-telnet
      sfl

PLATFORMS
  ruby

DEPENDENCIES
  fpm
  jgrep
  json (= 1.7.7)
  overcommit
  puppet-lint
  r10k
  serverspec
