GEM
  remote: https://rubygems.org/
  specs:
    bcrypt (3.1.11-java)
    fast_gettext (1.1.0)
    gettext (3.2.2)
      locale (>= 2.0.5)
      text (>= 1.3.0)
    gettext-setup (0.8)
      fast_gettext (~> 1.1.0)
      gettext (>= 3.0.2)
    highline (1.7.8)
    hocon (1.1.3)
    json (1.8.0-java)
    locale (2.1.2)
    moneta (1.0.0)
    rake (10.1.0)
    rdoc (4.1.2)
      json (~> 1.4)
    semantic_puppet (0.1.3)
    text (1.3.1)
    trocla (0.2.3)
      bcrypt
      highline
      moneta

PLATFORMS
  java

DEPENDENCIES
  fast_gettext (= 1.1.0)
  gettext (= 3.2.2)
  gettext-setup (= 0.8)
  hocon (= 1.1.3)
  json (= 1.8.0)
  locale (= 2.1.2)
  rake (= 10.1.0)
  rdoc (= 4.1.2)
  semantic_puppet (= 0.1.3)
  text (= 1.3.1)
  trocla

BUNDLED WITH
   1.14.6
