GEM
  remote: https://rubygems.org/
  specs:
    bcrypt (3.1.11-java)
    colored (1.2)
    cri (2.6.1)
      colored (~> 1.2)
    faraday (0.9.2)
      multipart-post (>= 1.2, < 3)
    faraday_middleware (0.10.1)
      faraday (>= 0.7.4, < 1.0)
    fast_gettext (1.1.0)
    gettext (3.2.2)
      locale (>= 2.0.5)
      text (>= 1.3.0)
    gettext-setup (0.8)
      fast_gettext (~> 1.1.0)
      gettext (>= 3.0.2)
    highline (1.7.8)
    hocon (1.1.3)
    json (1.8.0-java)
    locale (2.1.2)
    log4r (1.1.10)
    minitar (0.5.4)
    moneta (1.0.0)
    multi_json (1.12.1)
    multipart-post (2.0.0)
    puppet_forge (2.2.2)
      faraday (~> 0.9.0)
      faraday_middleware (>= 0.9.0, < 0.11.0)
      gettext-setup (>= 0.3)
      minitar
      semantic_puppet (~> 0.1.0)
    r10k (2.5.2)
      colored (= 1.2)
      cri (~> 2.6.1)
      gettext-setup (~> 0.5)
      log4r (= 1.1.10)
      minitar (= 0.5.4)
      multi_json (~> 1.10)
      puppet_forge (~> 2.2)
      semantic_puppet (~> 0.1.0)
    rake (10.1.0)
    rdoc (4.1.2)
      json (~> 1.4)
    semantic_puppet (0.1.3)
    text (1.3.1)
    trocla (0.2.3)
      bcrypt
      highline
      moneta

PLATFORMS
  java

DEPENDENCIES
  fast_gettext (= 1.1.0)
  gettext (= 3.2.2)
  gettext-setup (= 0.8)
  hocon (= 1.1.3)
  json (= 1.8.0)
  locale (= 2.1.2)
  r10k
  rake (= 10.1.0)
  rdoc (= 4.1.2)
  semantic_puppet (= 0.1.3)
  text (= 1.3.1)
  trocla

BUNDLED WITH
   1.14.6
