GEM
  remote: https://rubygems.org/
  specs:
    arr-pm (0.0.10)
      cabin (> 0)
    backports (3.6.6)
    cabin (0.7.1)
    childprocess (0.5.6)
      ffi (~> 1.0, >= 1.0.11)
    clamp (0.6.5)
    curb (0.9.1)
    diff-lcs (1.2.5)
    ffi (1.9.10)
    fpm (1.4.0)
      arr-pm (~> 0.0.10)
      backports (>= 2.6.2)
      cabin (>= 0.6.0)
      childprocess
      clamp (~> 0.6)
      ffi
      json (>= 1.7.7)
    httpi (2.2.7)
      rack
    jgrep (1.3.3)
      json
    json (1.7.7)
    multi_json (1.12.1)
    net-scp (1.2.1)
      net-ssh (>= 2.6.5)
    net-ssh (2.9.4)
    net-telnet (0.1.1)
    puppet-lint (1.1.0)
    rack (1.6.4)
    rspec (3.5.0)
      rspec-core (~> 3.5.0)
      rspec-expectations (~> 3.5.0)
      rspec-mocks (~> 3.5.0)
    rspec-core (3.5.4)
      rspec-support (~> 3.5.0)
    rspec-expectations (3.5.0)
      diff-lcs (>= 1.2.0, < 2.0)
      rspec-support (~> 3.5.0)
    rspec-its (1.2.0)
      rspec-core (>= 3.0.0)
      rspec-expectations (>= 3.0.0)
    rspec-mocks (3.5.0)
      diff-lcs (>= 1.2.0, < 2.0)
      rspec-support (~> 3.5.0)
    rspec-support (3.5.0)
    serverspec (2.37.2)
      multi_json
      rspec (~> 3.0)
      rspec-its
      specinfra (~> 2.53)
    sfl (2.3)
    specinfra (2.64.0)
      net-scp
      net-ssh (>= 2.7, < 4.0)
      net-telnet
      sfl

PLATFORMS
  ruby

DEPENDENCIES
  bundler
  curb (< 0.9.2)
  fpm
  httpi (< 2.3.0)
  jgrep
  json (= 1.7.7)
  net-ssh (< 2.10.0)
  puppet-lint
  rack (< 2.0.0)
  serverspec

BUNDLED WITH
   1.13.6
